GIT
  remote: https://github.com/CloverAU/fake_sqs.git
  revision: b869f432dde86fd8a1bc52bf37396ca61f5c4594
  specs:
    fake_sqs (0.3.1)
      builder
      sinatra

GEM
  specs:
    builder (3.2.2)
    rack (1.6.4)
    rack-protection (1.5.3)
      rack
    sinatra (1.4.7)
      rack (~> 1.5)
      rack-protection (~> 1.4)
      tilt (>= 1.3, < 3)
    tilt (2.0.5)

PLATFORMS
  ruby

DEPENDENCIES
  fake_sqs!

BUNDLED WITH
   1.12.5
